GEM
  remote: http://rubygems.org/
  specs:
    rake (10.3.1)
    rake-compiler (0.9.2)
      rake

PLATFORMS
  ruby

DEPENDENCIES
  rake-compiler
